GEM
  remote: http://rubygems.org/
  specs:
    diff-lcs (1.1.2)
    growl (1.0.3)
    jasmine (1.0.1.1)
      json_pure (>= 1.4.3)
      rack (>= 1.0.0)
      rake (>= 0.8.7)
      rspec (>= 1.1.5)
      selenium-client (>= 1.2.17)
      selenium-rc (>= 2.1.0)
    json_pure (1.5.1)
    rack (1.2.1)
    rake (0.8.7)
    rspec (2.4.0)
      rspec-core (~> 2.4.0)
      rspec-expectations (~> 2.4.0)
      rspec-mocks (~> 2.4.0)
    rspec-core (2.4.0)
    rspec-expectations (2.4.0)
      diff-lcs (~> 1.1.2)
    rspec-mocks (2.4.0)
    selenium-client (1.2.18)
    selenium-rc (2.2.4)
      selenium-client (>= 1.2.18)
    watchr (0.7)

PLATFORMS
  ruby

DEPENDENCIES
  growl (= 1.0.3)
  jasmine (= 1.0.1.1)
  rake (= 0.8.7)
  watchr (= 0.7)
