GIT
  remote: https://github.com/pivotalexperimental/jazz_money.git
  revision: cfa30a9cd212446d62b6b57f660a50bb2b297cfb
  specs:
    jazz_money (0.0.5)
      harmony (= 0.5.6)
      jasmine (= 1.0.1)
      rspec (= 1.3.1)

GEM
  remote: http://rubygems.org/
  specs:
    envjs (0.3.7)
      johnson (>= 2.0.0.pre3)
    growl (1.0.3)
    harmony (0.5.6)
      envjs (= 0.3.7)
      johnson (= 2.0.0.pre3)
    jasmine (1.0.1)
      json_pure (>= 1.4.3)
      rack (>= 1.0.0)
      rake (>= 0.8.7)
      rspec (>= 1.1.5)
      selenium-client (>= 1.2.17)
      selenium-rc (>= 2.1.0)
    johnson (2.0.0.pre3)
      stackdeck (~> 0.2)
    json_pure (1.5.1)
    rack (1.2.1)
    rake (0.8.7)
    rspec (1.3.1)
    selenium-client (1.2.18)
    selenium-rc (2.2.4)
      selenium-client (>= 1.2.18)
    stackdeck (0.2.0)
    watchr (0.7)

PLATFORMS
  ruby

DEPENDENCIES
  growl (= 1.0.3)
  harmony (= 0.5.6)
  jasmine (= 1.0.1)
  jazz_money!
  johnson (= 2.0.0.pre3)
  rake (= 0.8.7)
  stackdeck (= 0.2.0)
  watchr (= 0.7)
